GEM
  remote: http://rubygems.org/
  specs:
    em-synchrony (0.2.0)
      eventmachine (>= 0.12.9)
    eventmachine (0.12.10)
    eventmachine_httpserver (0.2.1)
    yajl-ruby (1.0.0)

PLATFORMS
  ruby

DEPENDENCIES
  em-synchrony
  eventmachine
  eventmachine_httpserver
  yajl-ruby
