GEM
  remote: http://rubygems.org/
  specs:
    daemons (1.1.4)
    em-synchrony (1.0.0)
      eventmachine (>= 1.0.0.beta.1)
    eventmachine (1.0.0.beta.4)
    rack (1.3.3)
    rack-fiber_pool (0.9.2)
    thin (1.2.11)
      daemons (>= 1.0.9)
      eventmachine (>= 0.12.6)
      rack (>= 1.0.0)
    yajl-ruby (1.0.0)

PLATFORMS
  ruby

DEPENDENCIES
  em-synchrony
  rack-fiber_pool
  thin
  yajl-ruby
